GEM
  remote: https://rubygems.org/
  specs:

PLATFORMS
  arm64-darwin-21
  ruby

DEPENDENCIES

RUBY VERSION
   ruby 3.0.3p157

BUNDLED WITH
   2.3.24
